GEM
  remote: https://rubygems.org/
  specs:
    dotenv (0.7.0)
    eventmachine (1.0.3)
    faraday (0.8.7)
      multipart-post (~> 1.1)
    foreman (0.63.0)
      dotenv (>= 0.7)
      thor (>= 0.13.6)
    imgur2 (1.2.1)
    json (1.8.0)
    multi_json (1.7.3)
    multipart-post (1.2.0)
    phantomjs.rb (1.0.1)
    rake (10.0.4)
    roauth (0.0.8)
    screencap (0.0.3)
    simple_oauth (0.2.0)
    thor (0.18.1)
    twitter (4.6.2)
      faraday (~> 0.8, < 0.10)
      multi_json (~> 1.0)
      simple_oauth (~> 0.2)
    twitter-stream (0.1.12)
      eventmachine (>= 0.12.8)
      roauth (>= 0.0.2)

PLATFORMS
  ruby

DEPENDENCIES
  foreman
  imgur2
  json
  phantomjs.rb
  rake
  screencap
  twitter
  twitter-stream
