GEM
  remote: http://rubygems.org/
  specs:
    eventmachine (0.12.10)
    faraday (0.8.1)
      multipart-post (~> 1.1)
    foreman (0.34.1)
      term-ansicolor (~> 1.0.5)
      thor (>= 0.13.6)
    http_parser.rb (0.5.3)
    imgur2 (1.2.1)
    json (1.7.3)
    multi_json (1.3.6)
    multipart-post (1.1.5)
    phantomjs-mac (0.0.3)
    phantomjs.rb (0.0.4)
      phantomjs-mac
    rake (0.9.2.2)
    screencap (0.0.3)
    simple_oauth (0.1.8)
    term-ansicolor (1.0.7)
    thor (0.15.3)
    twitter (2.5.0)
      faraday (~> 0.8)
      multi_json (~> 1.3)
      simple_oauth (~> 0.1.6)
    twitter-stream (0.1.15)
      eventmachine (>= 0.12.8)
      http_parser.rb (~> 0.5.1)
      simple_oauth (~> 0.1.4)

PLATFORMS
  ruby

DEPENDENCIES
  foreman
  imgur2
  json
  phantomjs.rb
  rake
  screencap
  twitter
  twitter-stream
